GEM
  remote: https://rubygems.org/
  specs:
    rotp (3.3.0)
    sqlite3 (1.3.13)

PLATFORMS
  ruby

DEPENDENCIES
  rotp
  sqlite3

BUNDLED WITH
   1.15.4
